GEM
  remote: http://rubygems.org/
  specs:
    json (2.1.0)
    multi_json (1.12.1)
    nokogiri (1.5.11)
    pygments.rb (1.1.2)
      multi_json (>= 1.0.0)
    rake (12.0.0)
    redcarpet (2.3.0)

PLATFORMS
  ruby

DEPENDENCIES
  json
  nokogiri (~> 1.5.10)
  pygments.rb
  rake
  redcarpet (~> 2.3.0)

BUNDLED WITH
   1.15.3
